GEM
  remote: https://rubygems.org/
  specs:
    cyberarm_engine (0.6.0)
      gosu (~> 0.14.0)
    gosu (0.14.5)

PLATFORMS
  ruby

DEPENDENCIES
  cyberarm_engine

BUNDLED WITH
   1.17.2
